GEM
  remote: https://rubygems.org/
  specs:
    json (2.1.0)
    microformats (4.0.7)
      json
      nokogiri
    mini_portile2 (2.3.0)
    mustermann (2.0.2)
      ruby2_keywords (~> 0.0.1)
    nokogiri (1.8.2)
      mini_portile2 (~> 2.3.0)
    puma (3.11.2)
    rack (2.2.4)
    rack-protection (2.2.3)
      rack
    ruby2_keywords (0.0.5)
    sinatra (2.2.3)
      mustermann (~> 2.0)
      rack (~> 2.2)
      rack-protection (= 2.2.3)
      tilt (~> 2.0)
    tilt (2.0.11)

PLATFORMS
  ruby

DEPENDENCIES
  microformats
  puma
  sinatra

BUNDLED WITH
   1.16.0
